GEM
  remote: https://rubygems.org/
  specs:
    diff-lcs (1.2.5)
    ffi (1.9.14)
    grit (2.5.0)
      diff-lcs (~> 1.1)
      mime-types (~> 1.15)
      posix-spawn (~> 0.3.6)
    mime-types (1.25.1)
    natto (1.1.1)
      ffi (>= 1.9.0)
    posix-spawn (0.3.12)

PLATFORMS
  ruby

DEPENDENCIES
  grit
  natto

BUNDLED WITH
   1.12.5
